GEM
  remote: https://rubygems.org/
  specs:
    blockenspiel (0.4.5)
    builder (3.1.4)
    callsite (0.0.11)
    ci_reporter (1.9.0)
      builder (>= 2.1.2)
    diff-lcs (1.2.4)
    json (1.8.0)
    rainbow (1.1.4)
    rake (10.1.0)
    rspec (2.14.1)
      rspec-core (~> 2.14.0)
      rspec-expectations (~> 2.14.0)
      rspec-mocks (~> 2.14.0)
    rspec-core (2.14.3)
    rspec-expectations (2.14.0)
      diff-lcs (>= 1.1.3, < 2.0)
    rspec-mocks (2.14.1)
    thor (0.18.1)
    tumbler (0.0.16)
      bundler
      callsite
      json
      rainbow
      thor
      versionomy
    versionomy (0.4.4)
      blockenspiel (>= 0.4.5)

PLATFORMS
  ruby

DEPENDENCIES
  ci_reporter
  rake
  rspec
  tumbler
